{
  "PowerLineFrequency": 60,
  "SoftwareFilters": {
    "FilterDescription": {
      "Description": "1 Hz HPF"
    }
  },
  "ManufacturersModelName": "Active Two",
  "Manufacturer": "Biosemi",
  "EEGPlacementScheme": "10-20",
  "EEGReference": "CMS-DRL- parietal",
  "CapManufacturersModelName": "128-electrode",
  "CapManufacturer": "Biosemi",
  "InstitutionAddress": "Gainesville, FL",
  "InstitutionalDepartmentName": "J. Crayton Pruitt Family Department of Biomedical Engineering",
  "InstitutionName": "University of Florida",
  "TaskName": "task",
  "EEGChannelCount": 128,
  "EMGChannelCount": 8,
  "MiscChannelCount": 122,
  "RecordingType": "continuous",
  "RecordingDuration": 3376,
  "SamplingFrequency": 512,
  "EOGChannelCount": 0,
  "ECGChannelCount": 0
}